GEM
  remote: http://rubygems.org/
  specs:
    expectation (1.1.0)
    mustermann (1.0.0)
    rack (2.0.3)
    rack-protection (2.0.0)
      rack
    sinatra (2.0.0)
      mustermann (~> 1.0)
      rack (~> 2.0)
      rack-protection (= 2.0.0)
      tilt (~> 2.0)
    sinatra-sse (0.1)
      expectation
      sinatra
    tilt (2.0.7)

PLATFORMS
  ruby

DEPENDENCIES
  sinatra
  sinatra-sse

BUNDLED WITH
   1.13.6
